PATH
  remote: .
  specs:
    cura (0.0.1)

GEM
  remote: https://rubygems.org/
  specs:
    rake (10.4.2)

PLATFORMS
  ruby

DEPENDENCIES
  cura!
  rake (~> 10.4.2)

BUNDLED WITH
   1.10.4
